PATH
  remote: .
  specs:
    rightsignature (0.1.0)
      bundler (>= 1.0.0)
      gyoku (>= 0.4.6)
      httparty (>= 0.9.0)
      oauth (= 0.4.3)

GEM
  remote: http://rubygems.org/
  specs:
    builder (3.1.3)
    diff-lcs (1.1.3)
    gyoku (0.4.6)
      builder (>= 2.1.2)
    httparty (0.9.0)
      multi_json (~> 1.0)
      multi_xml
    multi_json (1.3.6)
    multi_xml (0.5.1)
    oauth (0.4.3)
    rspec (2.11.0)
      rspec-core (~> 2.11.0)
      rspec-expectations (~> 2.11.0)
      rspec-mocks (~> 2.11.0)
    rspec-core (2.11.1)
    rspec-expectations (2.11.3)
      diff-lcs (~> 1.1.3)
    rspec-mocks (2.11.2)

PLATFORMS
  ruby

DEPENDENCIES
  bundler (>= 1.0.0)
  rightsignature!
  rspec (>= 2.11.0)
